NUGET
  remote: https://www.nuget.org/api/v2
    AltseedDotNet (1.1.6)
    FSharp.Core (4.7)

GROUP Build
STORAGE: NONE
